GEM
  remote: http://rubygems.org/
  specs:
    json (1.8.3)
    postmark (1.7.1)
      json
      rake
    rack (1.6.4)
    rack-protection (1.5.3)
      rack
    rake (11.2.2)
    sinatra (1.4.7)
      rack (~> 1.5)
      rack-protection (~> 1.4)
      tilt (>= 1.3, < 3)
    tilt (2.0.5)

PLATFORMS
  ruby

DEPENDENCIES
  postmark
  sinatra

RUBY VERSION
   ruby 2.3.0p0

BUNDLED WITH
   1.12.5
