GEM
  remote: http://rubygems.org/
  specs:
    rack (1.6.4)
    rack-protection (1.5.3)
      rack
    ruby_http_client (2.1.3)
    sendgrid-ruby (3.0.4)
      ruby_http_client (~> 2.1.3)
    sinatra (1.4.7)
      rack (~> 1.5)
      rack-protection (~> 1.4)
      tilt (>= 1.3, < 3)
    tilt (2.0.5)

PLATFORMS
  ruby

DEPENDENCIES
  sendgrid-ruby
  sinatra

RUBY VERSION
   ruby 2.3.0p0

BUNDLED WITH
   1.12.5
